GIT
  remote: git://github.com/luojianming/private_pub.git
  revision: 7fd6e736d426987e639eec6c64fbe8a46322d524
  specs:
    private_pub (1.0.1)
      faye

GEM
  remote: http://ruby.taobao.org/
  specs:
    actionmailer (3.2.9)
      actionpack (= 3.2.9)
      mail (~> 2.4.4)
    actionpack (3.2.9)
      activemodel (= 3.2.9)
      activesupport (= 3.2.9)
      builder (~> 3.0.0)
      erubis (~> 2.7.0)
      journey (~> 1.0.4)
      rack (~> 1.4.0)
      rack-cache (~> 1.2)
      rack-test (~> 0.6.1)
      sprockets (~> 2.2.1)
    activemodel (3.2.9)
      activesupport (= 3.2.9)
      builder (~> 3.0.0)
    activerecord (3.2.9)
      activemodel (= 3.2.9)
      activesupport (= 3.2.9)
      arel (~> 3.0.2)
      tzinfo (~> 0.3.29)
    activeresource (3.2.9)
      activemodel (= 3.2.9)
      activesupport (= 3.2.9)
    activesupport (3.2.9)
      i18n (~> 0.6)
      multi_json (~> 1.0)
    addressable (2.3.2)
    arel (3.0.2)
    bcrypt-ruby (3.0.1)
    best_in_place (2.0.3)
      jquery-rails
      rails (~> 3.1)
    better_errors (0.3.2)
      coderay (>= 1.0.0)
      erubis (>= 2.7.0)
    binding_of_caller (0.6.8)
    blankslate (3.1.2)
    bootstrap-sass (2.2.2.0)
      sass (~> 3.2)
    bootstrap-will_paginate (0.0.9)
      will_paginate
    bootswatch-rails (0.3.2)
      railties (>= 3.1)
    browser (0.1.6)
    builder (3.0.4)
    cancan (1.6.8)
    capistrano (2.14.1)
      highline
      net-scp (>= 1.0.0)
      net-sftp (>= 2.0.0)
      net-ssh (>= 2.0.14)
      net-ssh-gateway (>= 1.1.0)
    capybara (2.0.2)
      mime-types (>= 1.16)
      nokogiri (>= 1.3.3)
      rack (>= 1.0.0)
      rack-test (>= 0.5.4)
      selenium-webdriver (~> 2.0)
      xpath (~> 1.0.0)
    carrierwave (0.8.0)
      activemodel (>= 3.2.0)
      activesupport (>= 3.2.0)
    childprocess (0.3.7)
      ffi (~> 1.0, >= 1.0.6)
    chinese_cities (0.0.1)
    chronic (0.9.1)
    client_side_validations (3.2.2)
    client_side_validations-simple_form (2.0.1)
      client_side_validations (~> 3.2.0)
      simple_form (~> 2.0.3)
    coderay (1.0.8)
    coffee-rails (3.2.2)
      coffee-script (>= 2.2.0)
      railties (~> 3.2.0)
    coffee-script (2.2.0)
      coffee-script-source
      execjs
    coffee-script-source (1.4.0)
    columnize (0.3.6)
    cookiejar (0.3.0)
    cucumber (1.2.1)
      builder (>= 2.1.2)
      diff-lcs (>= 1.1.3)
      gherkin (~> 2.11.0)
      json (>= 1.4.6)
    cucumber-rails (1.3.0)
      capybara (>= 1.1.2)
      cucumber (>= 1.1.8)
      nokogiri (>= 1.5.0)
    daemons (1.1.9)
    database_cleaner (0.9.1)
    debugger (1.2.4)
      columnize (>= 0.3.1)
      debugger-linecache (~> 1.1.1)
      debugger-ruby_core_source (~> 1.1.7)
    debugger-linecache (1.1.2)
      debugger-ruby_core_source (>= 1.1.1)
    debugger-ruby_core_source (1.1.7)
    devise (2.2.2)
      bcrypt-ruby (~> 3.0)
      orm_adapter (~> 0.1)
      railties (~> 3.1)
      warden (~> 1.2.1)
    devise-i18n (0.5.12)
    diff-lcs (1.1.3)
    easy_captcha (0.6.3)
      bundler (>= 1.1.0)
      rails (>= 3.0.0)
      rmagick (>= 2.13.1)
      rspec-rails (>= 2.8.1)
      simplecov (>= 0.3.8)
      yard (>= 0.7.0)
    em-http-request (1.0.3)
      addressable (>= 2.2.3)
      cookiejar
      em-socksify
      eventmachine (>= 1.0.0.beta.4)
      http_parser.rb (>= 0.5.3)
    em-socksify (0.2.1)
      eventmachine (>= 1.0.0.beta.4)
    email_spec (1.4.0)
      launchy (~> 2.1)
      mail (~> 2.2)
    erubis (2.7.0)
    eventmachine (1.0.0)
    execjs (1.4.0)
      multi_json (~> 1.0)
    factory_girl (4.2.0)
      activesupport (>= 3.0.0)
    factory_girl_rails (4.2.0)
      factory_girl (~> 4.2.0)
      railties (>= 3.0.0)
    faker (1.1.2)
      i18n (~> 0.5)
    faraday (0.8.4)
      multipart-post (~> 1.1)
    faye (0.8.9)
      cookiejar (>= 0.3.0)
      em-http-request (>= 0.3.0)
      eventmachine (>= 0.12.0)
      faye-websocket (>= 0.4.0)
      rack (>= 1.0.0)
      yajl-ruby (>= 1.0.0)
    faye-websocket (0.4.7)
      eventmachine (>= 0.12.0)
    ffi (1.3.1)
    gherkin (2.11.5)
      json (>= 1.4.6)
    hashie (1.2.0)
    highline (1.6.15)
    hike (1.2.1)
    http_parser.rb (0.5.3)
    httpauth (0.2.0)
    i18n (0.6.1)
    journey (1.0.4)
    jquery-fileupload-rails (0.4.0)
      actionpack (>= 3.1)
      railties (>= 3.1)
    jquery-rails (2.2.0)
      railties (>= 3.0, < 5.0)
      thor (>= 0.14, < 2.0)
    json (1.7.6)
    jwt (0.1.5)
      multi_json (>= 1.0)
    launchy (2.1.2)
      addressable (~> 2.3)
    mail (2.4.4)
      i18n (>= 0.4.0)
      mime-types (~> 1.16)
      treetop (~> 1.4.8)
    mime-types (1.19)
    multi_json (1.5.0)
    multipart-post (1.1.5)
    mysql2 (0.3.11)
    net-scp (1.0.4)
      net-ssh (>= 1.99.1)
    net-sftp (2.0.5)
      net-ssh (>= 2.0.9)
    net-ssh (2.6.3)
    net-ssh-gateway (1.1.0)
      net-ssh (>= 1.99.1)
    nokogiri (1.5.6)
    oauth2 (0.8.0)
      faraday (~> 0.8)
      httpauth (~> 0.1)
      jwt (~> 0.1.4)
      multi_json (~> 1.0)
      rack (~> 1.2)
    omniauth (1.1.1)
      hashie (~> 1.2)
      rack
    omniauth-douban-oauth2 (0.0.6)
      omniauth (~> 1.0)
      omniauth-oauth2 (~> 1.1)
    omniauth-oauth2 (1.1.1)
      oauth2 (~> 0.8.0)
      omniauth (~> 1.0)
    omniauth-qq-connect (0.2.0)
      omniauth (~> 1.0)
      omniauth-oauth2 (~> 1.0)
    omniauth-weibo-oauth2 (0.2.0)
      omniauth (~> 1.0)
      omniauth-oauth2 (~> 1.0)
    omniauth-xiaonei (0.0.3)
      omniauth-oauth2
    orm_adapter (0.4.0)
    pie-rails (1.1.0)
    polyglot (0.3.3)
    quiet_assets (1.0.1)
      railties (~> 3.1)
    rack (1.4.4)
    rack-cache (1.2)
      rack (>= 0.4)
    rack-ssl (1.3.2)
      rack
    rack-test (0.6.2)
      rack (>= 1.0)
    rails (3.2.9)
      actionmailer (= 3.2.9)
      actionpack (= 3.2.9)
      activerecord (= 3.2.9)
      activeresource (= 3.2.9)
      activesupport (= 3.2.9)
      bundler (~> 1.0)
      railties (= 3.2.9)
    railties (3.2.9)
      actionpack (= 3.2.9)
      activesupport (= 3.2.9)
      rack-ssl (~> 1.3.2)
      rake (>= 0.8.7)
      rdoc (~> 3.4)
      thor (>= 0.14.6, < 2.0)
    rake (10.0.3)
    rdoc (3.12)
      json (~> 1.4)
    riddle (1.5.4)
    rmagick (2.13.1)
    rolify (3.2.0)
    rspec-core (2.12.2)
    rspec-expectations (2.12.1)
      diff-lcs (~> 1.1.3)
    rspec-mocks (2.12.1)
    rspec-rails (2.12.2)
      actionpack (>= 3.0)
      activesupport (>= 3.0)
      railties (>= 3.0)
      rspec-core (~> 2.12.0)
      rspec-expectations (~> 2.12.0)
      rspec-mocks (~> 2.12.0)
    rubyzip (0.9.9)
    sass (3.2.5)
    sass-rails (3.2.6)
      railties (~> 3.2.0)
      sass (>= 3.1.10)
      tilt (~> 1.3)
    selenium-webdriver (2.29.0)
      childprocess (>= 0.2.5)
      multi_json (~> 1.0)
      rubyzip
      websocket (~> 1.0.4)
    simple_form (2.0.4)
      actionpack (~> 3.0)
      activemodel (~> 3.0)
    simplecov (0.7.1)
      multi_json (~> 1.0)
      simplecov-html (~> 0.7.1)
    simplecov-html (0.7.1)
    spork (1.0.0rc3)
    spork-rails (3.2.1)
      rails (>= 3.0.0, < 3.3.0)
      spork (>= 1.0rc0)
    sprockets (2.2.2)
      hike (~> 1.2)
      multi_json (~> 1.0)
      rack (~> 1.0)
      tilt (~> 1.1, != 1.3.0)
    thin (1.5.0)
      daemons (>= 1.0.9)
      eventmachine (>= 0.12.6)
      rack (>= 1.0.0)
    thinking-sphinx (2.0.10)
      activerecord (>= 3.0.3)
      builder (>= 2.1.2)
      riddle (>= 1.5.0)
    thor (0.17.0)
    tilt (1.3.3)
    tlsmail (0.0.1)
    treetop (1.4.12)
      polyglot
      polyglot (>= 0.3.1)
    tzinfo (0.3.35)
    uglifier (1.3.0)
      execjs (>= 0.3.0)
      multi_json (~> 1.0, >= 1.0.2)
    warden (1.2.1)
      rack (>= 1.0)
    websocket (1.0.6)
    whenever (0.8.2)
      activesupport (>= 2.3.4)
      chronic (>= 0.6.3)
    will_paginate (3.0.4)
    xpath (1.0.0)
      nokogiri (~> 1.3)
    yajl-ruby (1.1.0)
    yaml_db (0.2.3)
    yard (0.8.5.2)

PLATFORMS
  ruby

DEPENDENCIES
  best_in_place
  better_errors
  binding_of_caller
  blankslate
  bootstrap-sass (>= 2.1.0.0)
  bootstrap-will_paginate
  bootswatch-rails
  browser
  cancan (>= 1.6.8)
  capistrano
  capybara (>= 1.1.2)
  carrierwave
  chinese_cities
  client_side_validations
  client_side_validations-simple_form
  coffee-rails (~> 3.2.1)
  cucumber-rails (>= 1.3.0)
  database_cleaner (>= 0.8.0)
  debugger
  devise (>= 2.1.2)
  devise-i18n
  easy_captcha
  email_spec (>= 1.2.1)
  execjs
  factory_girl_rails (>= 4.1.0)
  faker
  jquery-fileupload-rails
  jquery-rails
  launchy (>= 2.1.2)
  mysql2
  oauth2
  omniauth
  omniauth-douban-oauth2
  omniauth-qq-connect
  omniauth-weibo-oauth2
  omniauth-xiaonei
  pie-rails
  private_pub!
  quiet_assets (>= 1.0.1)
  rails (= 3.2.9)
  rmagick
  rolify (>= 3.2.0)
  rspec-rails (>= 2.11.0)
  sass-rails (~> 3.2.3)
  simple_form (>= 2.0.3)
  spork-rails
  thin
  thinking-sphinx (= 2.0.10)
  tlsmail
  uglifier (>= 1.0.3)
  whenever
  will_paginate (~> 3.0)
  yaml_db
